GEM
  remote: http://rubygems.org/
  specs:
    actionpack (2.3.2)
      activesupport (= 2.3.2)
    activesupport (2.3.2)
    builder (3.2.2)
    capybara (1.1.4)
      mime-types (>= 1.16)
      nokogiri (>= 1.3.3)
      rack (>= 1.0.0)
      rack-test (>= 0.5.4)
      selenium-webdriver (~> 2.0)
      xpath (~> 0.1.4)
    childprocess (0.4.0)
      ffi (~> 1.0, >= 1.0.11)
    chunky_png (1.2.8)
    cucumber (1.3.5)
      builder (>= 2.1.2)
      diff-lcs (>= 1.1.3)
      gherkin (~> 2.12.0)
      multi_json (~> 1.7.5)
      multi_test (>= 0.0.2)
    diff-lcs (1.2.4)
    ffi (1.9.3)
    gherkin (2.12.0)
      multi_json (~> 1.3)
    headless (1.0.1)
    highline (1.6.19)
    json (1.8.0)
    log4r (1.1.10)
    mime-types (1.23)
    mini_portile (0.5.1)
    multi_json (1.7.9)
    multi_test (0.0.2)
    net-ssh (2.5.2)
    nokogiri (1.6.0)
      mini_portile (~> 0.5.0)
    rack (1.5.2)
    rack-test (0.6.2)
      rack (>= 1.0)
    rspec (2.14.1)
      rspec-core (~> 2.14.0)
      rspec-expectations (~> 2.14.0)
      rspec-mocks (~> 2.14.0)
    rspec-core (2.14.4)
    rspec-expectations (2.14.0)
      diff-lcs (>= 1.1.3, < 2.0)
    rspec-mocks (2.14.2)
    rubyzip (0.9.9)
    selenium-webdriver (2.35.1)
      childprocess (>= 0.2.5)
      multi_json (~> 1.0)
      rubyzip (< 1.0.0)
      websocket (~> 1.0.4)
    websocket (1.0.7)
    xpath (0.1.4)
      nokogiri (~> 1.3)

PLATFORMS
  ruby

DEPENDENCIES
  actionpack
  capybara (< 2.0)
  chunky_png
  cucumber
  headless
  highline
  json
  log4r
  net-ssh (~> 2.5.1)
  nokogiri
  rspec
  selenium-webdriver (~> 2.35.0)
